GEM
  remote: https://rubygems.org/
  specs:
    addressable (2.3.8)
    blankslate (3.1.3)
    faraday (0.9.2)
      multipart-post (>= 1.2, < 3)
    figaro (1.1.1)
      thor (~> 0.14)
    multipart-post (2.0.0)
    octokit (4.1.1)
      sawyer (~> 0.6.0, >= 0.5.3)
    parslet (1.7.1)
      blankslate (>= 2.0, <= 4.0)
    rack (1.6.4)
    rack-protection (1.5.3)
      rack
    redis (3.2.1)
    sawyer (0.6.0)
      addressable (~> 2.3.5)
      faraday (~> 0.8, < 0.10)
    sinatra (1.4.6)
      rack (~> 1.4)
      rack-protection (~> 1.4)
      tilt (>= 1.3, < 3)
    slim (3.0.6)
      temple (~> 0.7.3)
      tilt (>= 1.3.3, < 2.1)
    temple (0.7.6)
    thor (0.19.1)
    tilt (2.0.1)

PLATFORMS
  ruby

DEPENDENCIES
  figaro
  octokit (~> 4.0)
  parslet
  redis
  sinatra
  slim
